PATH
  remote: .
  specs:
    multimarkdown-ffi (5.4.0)
      ffi-compiler

GEM
  remote: https://rubygems.org/
  specs:
    ast (2.3.0)
    ffi (1.9.18)
    ffi (1.9.18-java)
    ffi-compiler (1.0.1)
      ffi (>= 1.0.0)
      rake
    parser (2.4.0.0)
      ast (~> 2.2)
    power_assert (1.0.1)
    powerpack (0.1.1)
    rainbow (2.2.2)
      rake
    rake (12.0.0)
    rdoc (4.3.0)
    rubocop (0.48.1)
      parser (>= 2.3.3.1, < 3.0)
      powerpack (~> 0.1)
      rainbow (>= 1.99.1, < 3.0)
      ruby-progressbar (~> 1.7)
      unicode-display_width (~> 1.0, >= 1.0.1)
    ruby-progressbar (1.8.1)
    test-unit (3.2.3)
      power_assert
    unicode-display_width (1.2.1)

PLATFORMS
  java
  ruby

DEPENDENCIES
  bundler
  multimarkdown-ffi!
  rake
  rdoc (~> 4.2)
  rubocop
  test-unit

BUNDLED WITH
   1.14.6
