PATH
  remote: .
  specs:
    multimarkdown-ffi (5.4.0)
      ffi-compiler

GEM
  remote: https://rubygems.org/
  specs:
    ffi (1.9.18)
    ffi (1.9.18-java)
    ffi-compiler (1.0.1)
      ffi (>= 1.0.0)
      rake
    power_assert (1.0.1)
    rake (12.0.0)
    rdoc (4.3.0)
    test-unit (3.2.3)
      power_assert

PLATFORMS
  java
  ruby

DEPENDENCIES
  bundler
  multimarkdown-ffi!
  rake
  rdoc (~> 4.2)
  test-unit

BUNDLED WITH
   1.14.6
